GIT
  remote: https://github.com/moll/vimrunner.git
  revision: 4b1ee072e52dea871a0c3370f215f54fe596a9dc
  specs:
    vimrunner (0.3.0)

GEM
  remote: https://rubygems.org/
  specs:
    ansi (1.4.3)
    builder (3.2.2)
    guard-compat (1.2.1)
    guard-minitest (2.4.6)
      guard-compat (~> 1.2)
      minitest (>= 3.0)
    hashie (2.0.5)
    minitest (4.7.5)
    minitest-reporters (0.14.20)
      ansi
      builder
      minitest (>= 2.12, < 5.0)
      powerbar
    powerbar (1.0.11)
      ansi (~> 1.4.0)
      hashie (>= 1.1.0)

PLATFORMS
  ruby

DEPENDENCIES
  guard-minitest (>= 1.0.1)
  minitest (< 5)
  minitest-reporters
  vimrunner!

BUNDLED WITH
   1.16.1
